GEM
  remote: https://rubygems.org/
  specs:
    canister (0.9.1)
    chunky_png (1.3.15)
    ffi (1.15.5)
    ffi (1.15.5-java)
    listen (3.8.0)
      rb-fsevent (~> 0.10, >= 0.10.3)
      rb-inotify (~> 0.9, >= 0.9.10)
    oily_png (1.2.1)
      chunky_png (~> 1.3.7)
    paint (2.3.0)
    pxlsrt (1.8.2)
      oily_png (~> 1.2.1)
      thor (~> 0.18)
    pxlsrt (1.8.2-java)
      thor (~> 0.18)
    rb-fsevent (0.11.2)
    rb-inotify (0.10.1)
      ffi (~> 1.0)
    thor (0.20.3)

PLATFORMS
  universal-java-16
  x86_64-linux

DEPENDENCIES
  canister (~> 0.9.1)
  listen (~> 3.8.0)
  paint (~> 2.3.0)
  pxlsrt (~> 1.8.2)

BUNDLED WITH
   2.4.8
